PATH
  remote: .
  specs:
    motion-tickspot (1.0.0)
      motion-cocoapods (~> 1.4.0)

GEM
  remote: https://rubygems.org/
  specs:
    RackMotion (0.3)
    activesupport (3.2.16)
      i18n (~> 0.6, >= 0.6.4)
      multi_json (~> 1.0)
    awesome_print_motion (0.1.0)
    celluloid (0.15.2)
      timers (~> 1.1.0)
    claide (0.4.0)
    cocoapods (0.29.0)
      activesupport (>= 3.2.15, < 4)
      claide (~> 0.4.0)
      cocoapods-core (= 0.29.0)
      cocoapods-downloader (~> 0.3.0)
      cocoapods-try-release-fix (~> 0.1.1)
      colored (~> 1.2)
      escape (~> 0.0.4)
      json_pure (~> 1.8)
      nap (~> 0.5)
      open4 (~> 1.3)
      xcodeproj (~> 0.14.1)
    cocoapods-core (0.29.0)
      activesupport (>= 3.2.15, < 4)
      fuzzy_match (~> 2.0.4)
      json_pure (~> 1.8)
      nap (~> 0.5)
    cocoapods-downloader (0.3.0)
    cocoapods-try-release-fix (0.1.1)
    coderay (1.1.0)
    colored (1.2)
    escape (0.0.4)
    ffi (1.9.3)
    formatador (0.2.4)
    fuzzy_match (2.0.4)
    guard (2.4.0)
      formatador (>= 0.2.4)
      listen (~> 2.1)
      lumberjack (~> 1.0)
      pry (>= 0.9.12)
      thor (>= 0.18.1)
    guard-motion (0.1.2)
      guard (>= 1.1.0)
      rake (>= 0.9)
    i18n (0.6.9)
    json_pure (1.8.1)
    listen (2.4.1)
      celluloid (>= 0.15.2)
      rb-fsevent (>= 0.9.3)
      rb-inotify (>= 0.9)
    lumberjack (1.0.4)
    method_source (0.8.2)
    motion-cocoapods (1.4.0)
      cocoapods (>= 0.26.2)
    motion-redgreen (0.1.0)
    multi_json (1.8.4)
    nap (0.6.0)
    open4 (1.3.0)
    pry (0.9.12.6)
      coderay (~> 1.0)
      method_source (~> 0.8)
      slop (~> 3.4)
    rake (10.1.1)
    rb-fsevent (0.9.4)
    rb-inotify (0.9.3)
      ffi (>= 0.5.0)
    slop (3.4.7)
    terminal-notifier-guard (1.5.3)
    thor (0.18.1)
    timers (1.1.0)
    xcodeproj (0.14.1)
      activesupport (~> 3.0)
      colored (~> 1.2)
      rake

PLATFORMS
  ruby

DEPENDENCIES
  RackMotion (~> 0.3)
  awesome_print_motion (~> 0.1.0)
  guard-motion (~> 0.1.2)
  motion-redgreen (~> 0.1.0)
  motion-tickspot!
  rake
  terminal-notifier-guard (~> 1.5.3)
